GEM
  remote: http://rubygems.org/
  specs:
    activemodel (3.0.6)
      activesupport (= 3.0.6)
      builder (~> 2.1.2)
      i18n (~> 0.5.0)
    activesupport (3.0.6)
    backports (2.0.3)
    bson (1.3.0)
    bson_ext (1.3.0)
    builder (2.1.2)
    haml (3.0.25)
    i18n (0.5.0)
    json (1.4.6)
    mail (2.2.16)
      activesupport (>= 2.3.6)
      i18n (>= 0.4.0)
      mime-types (~> 1.16)
      treetop (~> 1.4.8)
    mime-types (1.16)
    mongo (1.3.0)
      bson (>= 1.3.0)
    mongoid (2.0.1)
      activemodel (~> 3.0)
      mongo (~> 1.3)
      tzinfo (~> 0.3.22)
      will_paginate (~> 3.0.pre)
    monkey-lib (0.5.4)
      backports
    nest (1.1.0)
      redis (~> 2.1)
    polyglot (0.3.1)
    rack (1.2.2)
    redis (2.2.0)
    redis-namespace (0.10.0)
      redis (< 3.0.0)
    resque (1.15.0)
      json (~> 1.4.6)
      redis-namespace (>= 0.10.0)
      sinatra (>= 0.9.2)
      vegas (~> 0.1.2)
    sinatra (1.2.3)
      rack (~> 1.1)
      tilt (< 2.0, >= 1.2.2)
    sinatra-advanced-routes (0.5.1)
      monkey-lib (~> 0.5.0)
      sinatra (~> 1.0)
      sinatra-sugar (~> 0.5.0)
    sinatra-reloader (0.5.0)
      sinatra (~> 1.0)
      sinatra-advanced-routes (~> 0.5.0)
    sinatra-sugar (0.5.0)
      monkey-lib (~> 0.5.0)
      sinatra (~> 1.0)
    tilt (1.2.2)
    treetop (1.4.9)
      polyglot (>= 0.3.1)
    tzinfo (0.3.26)
    vegas (0.1.8)
      rack (>= 1.0.0)
    will_paginate (3.0.pre2)
    yajl-ruby (0.8.2)

PLATFORMS
  ruby

DEPENDENCIES
  bson_ext (~> 1.3.0)
  haml
  mail (~> 2.2.16)
  mongoid (~> 2.0.0)
  nest (~> 1.1.0)
  resque
  sinatra (~> 1.2.1)
  sinatra-reloader
  vegas (~> 0.1.8)
  yajl-ruby
