GEM
  remote: http://rubygems.org/
  specs:
    abstract (1.0.0)
    actionmailer (3.0.9)
      actionpack (= 3.0.9)
      mail (~> 2.2.19)
    actionpack (3.0.9)
      activemodel (= 3.0.9)
      activesupport (= 3.0.9)
      builder (~> 2.1.2)
      erubis (~> 2.6.6)
      i18n (~> 0.5.0)
      rack (~> 1.2.1)
      rack-mount (~> 0.6.14)
      rack-test (~> 0.5.7)
      tzinfo (~> 0.3.23)
    activemodel (3.0.9)
      activesupport (= 3.0.9)
      builder (~> 2.1.2)
      i18n (~> 0.5.0)
    activerecord (3.0.9)
      activemodel (= 3.0.9)
      activesupport (= 3.0.9)
      arel (~> 2.0.10)
      tzinfo (~> 0.3.23)
    activeresource (3.0.9)
      activemodel (= 3.0.9)
      activesupport (= 3.0.9)
    activesupport (3.0.9)
    addressable (2.2.6)
    archive-tar-minitar (0.5.2)
    arel (2.0.10)
    bcrypt-ruby (2.1.4)
    builder (2.1.2)
    columnize (0.3.3)
    diff-lcs (1.1.2)
    dm-active_model (1.1.0)
      activemodel (~> 3.0.4)
      dm-core (~> 1.1.0)
    dm-core (1.1.0)
      addressable (~> 2.2.4)
    dm-rails (1.1.0)
      actionpack (~> 3.0.4)
      dm-active_model (~> 1.1.0)
      dm-core (~> 1.1.0)
      railties (~> 3.0.4)
    dm-redis-adapter (0.4.0)
      dm-core (>= 1.1.0)
      dm-types (>= 1.1.0)
      hiredis (~> 0.3.0)
      redis (~> 2.2)
    dm-serializer (1.1.0)
      dm-core (~> 1.1.0)
      fastercsv (~> 1.5.4)
      json (~> 1.4.6)
    dm-timestamps (1.1.0)
      dm-core (~> 1.1.0)
    dm-types (1.1.0)
      bcrypt-ruby (~> 2.1.4)
      dm-core (~> 1.1.0)
      fastercsv (~> 1.5.4)
      json (~> 1.4.6)
      stringex (~> 1.2.0)
      uuidtools (~> 2.1.2)
    dm-validations (1.1.0)
      dm-core (~> 1.1.0)
    erubis (2.6.6)
      abstract (>= 1.0.0)
    factory_girl (1.3.3)
    factory_girl_rails (1.0.1)
      factory_girl (~> 1.3)
      railties (>= 3.0.0)
    fastercsv (1.5.4)
    flutie (1.2.2)
    hashie (1.0.0)
    hiredis (0.3.2)
    i18n (0.5.0)
    interpolate (0.2.4)
    jquery-rails (1.0.12)
      railties (~> 3.0)
      thor (~> 0.14)
    json (1.4.6)
    linecache19 (0.5.12)
      ruby_core_source (>= 0.1.4)
    mail (2.2.19)
      activesupport (>= 2.3.6)
      i18n (>= 0.4.0)
      mime-types (~> 1.16)
      treetop (~> 1.4.8)
    mime-types (1.16)
    polyglot (0.3.1)
    rack (1.2.3)
    rack-mount (0.6.14)
      rack (>= 1.0.0)
    rack-test (0.5.7)
      rack (>= 1.0)
    rails (3.0.9)
      actionmailer (= 3.0.9)
      actionpack (= 3.0.9)
      activerecord (= 3.0.9)
      activeresource (= 3.0.9)
      activesupport (= 3.0.9)
      bundler (~> 1.0)
      railties (= 3.0.9)
    rails3-generators (0.17.4)
      railties (>= 3.0.0)
    railties (3.0.9)
      actionpack (= 3.0.9)
      activesupport (= 3.0.9)
      rake (>= 0.8.7)
      rdoc (~> 3.4)
      thor (~> 0.14.4)
    rake (0.9.2)
    rdoc (3.6.1)
    redis (2.2.1)
    redis-namespace (1.0.3)
      redis (< 3.0.0)
    resque (1.17.1)
      json (< 1.6, >= 1.4.6)
      redis-namespace (~> 1.0.2)
      sinatra (>= 0.9.2)
      vegas (~> 0.1.2)
    resque-scheduler (1.9.9)
      redis (>= 2.0.1)
      resque (>= 1.8.0)
      rufus-scheduler
    rest-client (1.6.3)
      mime-types (>= 1.16)
    rspec (2.6.0)
      rspec-core (~> 2.6.0)
      rspec-expectations (~> 2.6.0)
      rspec-mocks (~> 2.6.0)
    rspec-core (2.6.4)
    rspec-expectations (2.6.0)
      diff-lcs (~> 1.1.2)
    rspec-mocks (2.6.0)
    rspec-rails (2.6.1)
      actionpack (~> 3.0)
      activesupport (~> 3.0)
      railties (~> 3.0)
      rspec (~> 2.6.0)
    ruby-debug-base19 (0.11.24)
      columnize (>= 0.3.1)
      linecache19 (>= 0.5.11)
      ruby_core_source (>= 0.1.4)
    ruby-debug19 (0.11.6)
      columnize (>= 0.3.1)
      linecache19 (>= 0.5.11)
      ruby-debug-base19 (>= 0.11.19)
    ruby_core_source (0.1.5)
      archive-tar-minitar (>= 0.5.2)
    rufus-scheduler (2.0.9)
      tzinfo (>= 0.3.23)
    sass (3.1.3)
    shoulda (2.11.3)
    show_for (0.2.4)
    simple_form (1.4.1)
    sinatra (1.2.6)
      rack (~> 1.1)
      tilt (< 2.0, >= 1.2.2)
    slim (0.9.4)
      temple (~> 0.3.0)
      tilt (~> 1.2)
    slim-rails (0.2.1)
      slim (>= 0.9.2)
    spork (0.9.0.rc8)
    stringex (1.2.1)
    table_for (0.0.5)
      rails (~> 3.0)
    temple (0.3.2)
    thor (0.14.6)
    tilt (1.3.2)
    treetop (1.4.9)
      polyglot (>= 0.3.1)
    tzinfo (0.3.28)
    uuidtools (2.1.2)
    vegas (0.1.8)
      rack (>= 1.0.0)
    watchr (0.7)
    yajl-ruby (0.8.2)

PLATFORMS
  ruby

DEPENDENCIES
  dm-active_model (~> 1.1.0)
  dm-core (~> 1.1.0)
  dm-rails (~> 1.1.0)
  dm-redis-adapter (~> 0.4.0)
  dm-serializer (~> 1.1.0)
  dm-timestamps (~> 1.1.0)
  dm-types (~> 1.1.0)
  dm-validations (~> 1.1.0)
  factory_girl_rails
  flutie (~> 1.1)
  hashie
  interpolate
  jquery-rails
  rack-test
  rails (= 3.0.9)
  rails3-generators
  resque
  resque-scheduler
  rest-client
  rspec-rails (~> 2.6.0)
  ruby-debug-base19 (= 0.11.24)
  ruby-debug19 (= 0.11.6)
  sass (~> 3.1.3)
  shoulda
  show_for
  simple_form
  slim
  slim-rails
  spork (~> 0.9.0.rc8)
  table_for
  watchr (~> 0.7)
  yajl-ruby
