GEM
  remote: http://rubygems.org/
  specs:
    activesupport (3.0.6)
    backports (2.0.3)
    diff-lcs (1.1.2)
    haml (3.0.25)
    hashie (1.0.0)
    i18n (0.5.0)
    json (1.4.6)
    mail (2.2.16)
      activesupport (>= 2.3.6)
      i18n (>= 0.4.0)
      mime-types (~> 1.16)
      treetop (~> 1.4.8)
    mime-types (1.16)
    monkey-lib (0.5.4)
      backports
    nest (1.1.0)
      redis (~> 2.1)
    ohm (0.1.3)
      nest (~> 1.0)
    ohm-contrib (0.1.1)
      ohm
    polyglot (0.3.1)
    rack (1.2.2)
    redis (2.2.0)
    redis-namespace (0.10.0)
      redis (< 3.0.0)
    resque (1.15.0)
      json (~> 1.4.6)
      redis-namespace (>= 0.10.0)
      sinatra (>= 0.9.2)
      vegas (~> 0.1.2)
    rest-client (1.6.1)
      mime-types (>= 1.16)
    rspec (2.5.0)
      rspec-core (~> 2.5.0)
      rspec-expectations (~> 2.5.0)
      rspec-mocks (~> 2.5.0)
    rspec-core (2.5.1)
    rspec-expectations (2.5.0)
      diff-lcs (~> 1.1.2)
    rspec-mocks (2.5.0)
    sinatra (1.2.3)
      rack (~> 1.1)
      tilt (< 2.0, >= 1.2.2)
    sinatra-advanced-routes (0.5.1)
      monkey-lib (~> 0.5.0)
      sinatra (~> 1.0)
      sinatra-sugar (~> 0.5.0)
    sinatra-reloader (0.5.0)
      sinatra (~> 1.0)
      sinatra-advanced-routes (~> 0.5.0)
    sinatra-sugar (0.5.0)
      monkey-lib (~> 0.5.0)
      sinatra (~> 1.0)
    spork (0.9.0.rc4)
    tilt (1.2.2)
    treetop (1.4.9)
      polyglot (>= 0.3.1)
    vegas (0.1.8)
      rack (>= 1.0.0)
    watchr (0.7)
    yajl-ruby (0.8.2)

PLATFORMS
  ruby

DEPENDENCIES
  activesupport (= 3.0.6)
  haml
  hashie
  mail (~> 2.2.16)
  nest (~> 1.1.0)
  ohm
  ohm-contrib
  redis
  resque
  rest-client
  rspec
  sinatra (~> 1.2.1)
  sinatra-reloader
  spork
  vegas (~> 0.1.8)
  watchr
  yajl-ruby
