PATH
  remote: .
  specs:
    overwatch (0.0.1)
      hiredis (~> 0.3.1)
      nest (~> 1.1.0)
      ohm (~> 0.1.3)
      ohm-contrib (~> 0.1.1)
      redis (~> 2.2.0)
      sinatra (~> 1.2.1)
      vegas (~> 0.1.8)

GEM
  remote: http://rubygems.org/
  specs:
    hiredis (0.3.1)
    nest (1.1.0)
      redis (~> 2.1)
    ohm (0.1.3)
      nest (~> 1.0)
    ohm-contrib (0.1.1)
      ohm
    rack (1.2.2)
    redis (2.2.0)
    sinatra (1.2.1)
      rack (~> 1.1)
      tilt (< 2.0, >= 1.2.2)
    tilt (1.2.2)
    vegas (0.1.8)
      rack (>= 1.0.0)

PLATFORMS
  ruby

DEPENDENCIES
  overwatch!
